PATH
  remote: .
  specs:
    dsa (1.0)

GEM
  remote: https://rubygems.org/
  specs:
    minitest (5.11.3)
    rake (12.3.2)

PLATFORMS
  ruby

DEPENDENCIES
  bundler (~> 2.0)
  dsa!
  minitest (~> 5.0)
  rake (~> 12.3.2)

BUNDLED WITH
   2.0.1
